GEM
  remote: https://rubygems.org/
  specs:
    activemodel (7.1.0)
      activesupport (= 7.1.0)
    activerecord (7.1.0)
      activemodel (= 7.1.0)
      activesupport (= 7.1.0)
      timeout (>= 0.4.0)
    activerecord-oracle_enhanced-adapter (7.1.0)
      activerecord (~> 7.1.0)
      ruby-oci8
      ruby-plsql (>= 0.6.0)
    activesupport (7.1.0)
      base64
      bigdecimal
      concurrent-ruby (~> 1.0, >= 1.0.2)
      connection_pool (>= 2.2.5)
      drb
      i18n (>= 1.6, < 2)
      minitest (>= 5.1)
      mutex_m
      tzinfo (~> 2.0)
    base64 (0.2.0)
    bigdecimal (3.1.9)
    concurrent-ruby (1.3.5)
    connection_pool (2.5.0)
    drb (2.2.1)
    i18n (1.14.7)
      concurrent-ruby (~> 1.0)
    minitest (5.25.4)
    mutex_m (0.3.0)
    rake (13.2.1)
    ruby-oci8 (2.2.14)
    ruby-plsql (0.8.0)
    timeout (0.4.3)
    tzinfo (2.0.6)
      concurrent-ruby (~> 1.0)

PLATFORMS
  ruby
  x86_64-linux

DEPENDENCIES
  activerecord (= 7.1.0)
  activerecord-oracle_enhanced-adapter (= 7.1.0)
  rake (= 13.2.1)

RUBY VERSION
   ruby 3.3.6p108

BUNDLED WITH
   2.5.23
